GEM
  remote: https://rubygems.org/
  specs:
    prometheus_exporter (0.3.1)

PLATFORMS
  ruby

DEPENDENCIES
  prometheus_exporter

BUNDLED WITH
   1.16.1
